GEM
  remote: https://rubygems.org/
  specs:
    ansi (1.4.3)
    binding_of_caller (0.7.1)
      debug_inspector (>= 0.0.1)
    coderay (1.0.9)
    debug_inspector (0.0.2)
    diff-lcs (1.2.2)
    method_source (0.8.1)
    pry (0.9.12)
      coderay (~> 1.0.5)
      method_source (~> 0.8)
      slop (~> 3.4)
    pry-remote (0.1.7)
      pry (~> 0.9)
      slop (~> 3.0)
    pry-stack_explorer (0.4.9)
      binding_of_caller (>= 0.7)
      pry (~> 0.9.11)
    rake (10.0.3)
    rspec (2.13.0)
      rspec-core (~> 2.13.0)
      rspec-expectations (~> 2.13.0)
      rspec-mocks (~> 2.13.0)
    rspec-core (2.13.1)
    rspec-expectations (2.13.0)
      diff-lcs (>= 1.1.3, < 2.0)
    rspec-mocks (2.13.0)
    rspec-spies (2.1.4)
      rspec (~> 2.0)
    slop (3.4.4)

PLATFORMS
  ruby

DEPENDENCIES
  ansi
  pry
  pry-remote
  pry-stack_explorer
  rake (= 10.0.3)
  rspec
  rspec-spies
